PATH
  remote: .
  specs:
    open_weather_raoni (0.1.0)

GEM
  remote: https://rubygems.org/
  specs:
    minitest (5.14.4)
    rake (13.0.3)

PLATFORMS
  x86_64-linux

DEPENDENCIES
  minitest (~> 5.0)
  open_weather_raoni!
  rake (~> 13.0)

BUNDLED WITH
   2.2.11
