PATH
  remote: .
  specs:
    open_weather_raoni (0.1.0)

GEM
  remote: https://rubygems.org/
  specs:
    addressable (2.7.0)
      public_suffix (>= 2.0.2, < 5.0)
    crack (0.4.5)
      rexml
    hashdiff (1.0.1)
    json (2.5.1)
    minitest (5.14.4)
    public_suffix (4.0.6)
    rake (13.0.3)
    rexml (3.2.4)
    webmock (3.12.0)
      addressable (>= 2.3.6)
      crack (>= 0.3.2)
      hashdiff (>= 0.4.0, < 2.0.0)

PLATFORMS
  ruby
  x86_64-linux

DEPENDENCIES
  json (~> 2.5.1)
  minitest (~> 5.0)
  open_weather_raoni!
  rake (~> 13.0)
  webmock (~> 3.12.0)

BUNDLED WITH
   2.2.11
